PATH
  remote: .
  specs:
    elastic_tabstops (0.1.0)

GEM
  remote: https://rubygems.org/
  specs:
    byebug (11.0.1)
    coderay (1.1.2)
    ffaker (2.11.0)
    method_source (0.9.2)
    minitest (5.11.3)
    minitest-rg (5.2.0)
      minitest (~> 5.0)
    pry (0.12.2)
      coderay (~> 1.1.0)
      method_source (~> 0.9.0)
    pry-byebug (3.7.0)
      byebug (~> 11.0)
      pry (~> 0.10)
    rake (10.5.0)

PLATFORMS
  ruby

DEPENDENCIES
  bundler (~> 2.0)
  elastic_tabstops!
  ffaker (~> 2.11.0)
  minitest (~> 5.0)
  minitest-rg (~> 5.0)
  pry (~> 0.12.2)
  pry-byebug (~> 3.7.0)
  rake (~> 10.0)

BUNDLED WITH
   2.0.1
